PATH
  remote: .
  specs:
    murti (0.1.0)
      exif
      thor
      xxhash

GEM
  remote: https://rubygems.org/
  specs:
    diff-lcs (1.3)
    exif (2.2.0)
    rake (10.5.0)
    rspec (3.8.0)
      rspec-core (~> 3.8.0)
      rspec-expectations (~> 3.8.0)
      rspec-mocks (~> 3.8.0)
    rspec-core (3.8.2)
      rspec-support (~> 3.8.0)
    rspec-expectations (3.8.4)
      diff-lcs (>= 1.2.0, < 2.0)
      rspec-support (~> 3.8.0)
    rspec-mocks (3.8.1)
      diff-lcs (>= 1.2.0, < 2.0)
      rspec-support (~> 3.8.0)
    rspec-support (3.8.2)
    thor (0.20.3)
    xxhash (0.4.0)

PLATFORMS
  ruby

DEPENDENCIES
  bundler (~> 1.17)
  murti!
  rake (~> 10.0)
  rspec (~> 3.0)

BUNDLED WITH
   1.17.3
